GEM
  remote: https://rubygems.org/
  specs:
    daemons (1.3.1)
    espeak-ruby (1.0.4)
    random-word (1.3.0)

PLATFORMS
  ruby

DEPENDENCIES
  daemons (~> 1.3.1)
  espeak-ruby
  random-word (~> 1.3)

BUNDLED WITH
   1.16.1
