GEM
  remote: https://rubygems.org/
  specs:
    audio-playback (0.0.8)
      ffi-libc (~> 0.1, >= 0.1.0)
      ffi-portaudio (~> 0.1, >= 0.1.2)
      ruby-audio (~> 1.6, >= 1.6.1)
    daemons (1.3.1)
    espeak-ruby (1.0.4)
    ffi (1.10.0)
    ffi-libc (0.1.0)
      ffi (~> 1.0)
    ffi-portaudio (0.1.2)
      ffi
    random-word (1.3.0)
    ruby-audio (1.6.1)

PLATFORMS
  ruby

DEPENDENCIES
  audio-playback
  daemons (~> 1.3.1)
  espeak-ruby
  random-word (~> 1.3)

BUNDLED WITH
   1.16.1
